GEM
  remote: http://rubygems.org/
  specs:
    haml (3.1.1)
    rack (1.2.2)
    sass (3.1.1)
    sinatra (1.2.6)
      rack (~> 1.1)
      tilt (>= 1.2.2, < 2.0)
    tilt (1.3)

PLATFORMS
  ruby

DEPENDENCIES
  haml
  sass
  sinatra
