GEM
  remote: http://rubygems.org/
  specs:
    backports (1.18.2)
    bandcamp-rb (0.1.1)
      httparty (~> 0.7.4)
    crack (0.1.8)
    haml (3.1.1)
    hike (1.2.1)
    httparty (0.7.4)
      crack (= 0.1.8)
    monkey-lib (0.5.4)
      backports
    rack (1.2.2)
    sass (3.1.1)
    sinatra (1.2.6)
      rack (~> 1.1)
      tilt (>= 1.2.2, < 2.0)
    sinatra-advanced-routes (0.5.1)
      monkey-lib (~> 0.5.0)
      sinatra (~> 1.0)
      sinatra-sugar (~> 0.5.0)
    sinatra-reloader (0.5.0)
      sinatra (~> 1.0)
      sinatra-advanced-routes (~> 0.5.0)
    sinatra-sugar (0.5.0)
      monkey-lib (~> 0.5.0)
      sinatra (~> 1.0)
    sprockets (2.0.3)
      hike (~> 1.2)
      rack (~> 1.0)
      tilt (~> 1.1, != 1.3.0)
    tilt (1.3.3)

PLATFORMS
  ruby

DEPENDENCIES
  bandcamp-rb
  haml
  sass
  sinatra
  sinatra-reloader
  sprockets
