GEM
  remote: http://rubygems.org/
  specs:
    bandcamp-rb (0.1.1)
      httparty (~> 0.7.4)
    crack (0.1.8)
    haml (3.1.1)
    httparty (0.7.4)
      crack (= 0.1.8)
    rack (1.2.2)
    sass (3.1.1)
    sinatra (1.2.6)
      rack (~> 1.1)
      tilt (>= 1.2.2, < 2.0)
    tilt (1.3)

PLATFORMS
  ruby

DEPENDENCIES
  bandcamp-rb
  haml
  sass
  sinatra
